GEM
  remote: https://rubygems.org/
  specs:
    bcrypt (3.1.13)
    rack (2.0.7)
    sqlite3 (1.4.1)

PLATFORMS
  ruby

DEPENDENCIES
  bcrypt
  rack
  sqlite3

BUNDLED WITH
   2.0.1
