GEM
  remote: https://rubygems.org/
  specs:
    bcrypt (3.1.13)
    linguistics (2.1.0)
      loggability (~> 0.11)
    loggability (0.14.0)
    require_all (2.0.0)
    sqlite3 (1.4.1)

PLATFORMS
  ruby

DEPENDENCIES
  bcrypt
  linguistics (~> 2.1)
  require_all
  sqlite3

BUNDLED WITH
   2.0.1
